GEM
  remote: https://rubygems.org/
  specs:
    colorize (0.5.8)
    sqlite3 (1.3.7)

PLATFORMS
  ruby

DEPENDENCIES
  colorize
  sqlite3
