GEM
  remote: https://rubygems.org/
  specs:
    colorize (0.5.8)
    columnize (0.3.6)
    debugger (1.5.0)
      columnize (>= 0.3.1)
      debugger-linecache (~> 1.2.0)
      debugger-ruby_core_source (~> 1.2.0)
    debugger-linecache (1.2.0)
    debugger-ruby_core_source (1.2.0)
    sqlite3 (1.3.7)

PLATFORMS
  ruby

DEPENDENCIES
  colorize
  debugger
  sqlite3
