GEM
  remote: https://rubygems.org/
  specs:
    sqlite3 (1.3.7)

PLATFORMS
  ruby

DEPENDENCIES
  sqlite3
